GEM
  remote: https://rubygems.org/
  specs:
    chicanery (0.1.8)
      colorize (~> 0)
      nokogiri (~> 1)
    colorize (0.7.7)
    mini_portile (0.6.2)
    nokogiri (1.6.6.2)
      mini_portile (~> 0.6.0)
    rb-blink1 (0.0.7)

PLATFORMS
  ruby

DEPENDENCIES
  chicanery
  rb-blink1

BUNDLED WITH
   1.10.5
